GEM
  remote: http://rubygems.org/
  specs:
    actionmailer (2.3.14)
      actionpack (= 2.3.14)
    actionpack (2.3.14)
      activesupport (= 2.3.14)
      rack (~> 1.1.0)
    activerecord (2.3.14)
      activesupport (= 2.3.14)
    activeresource (2.3.14)
      activesupport (= 2.3.14)
    activesupport (2.3.14)
    builder (3.0.0)
    facets (2.8.4)
    hpricot (0.8.3)
    oauth (0.4.4)
    rack (1.1.6)
    rails (2.3.14)
      actionmailer (= 2.3.14)
      actionpack (= 2.3.14)
      activerecord (= 2.3.14)
      activeresource (= 2.3.14)
      activesupport (= 2.3.14)
      rake (>= 0.8.3)
    rake (13.0.1)
    rforce-raygao (1.0.0)
      oauth (= 0.4.4)
    ryandotsmith-asf-soap-adapter (1.0.3)
      builder (>= 1.2.4)
      facets (= 2.8.4)
      hpricot (>= 0.8.2)
      oauth (= 0.4.4)
      rforce-raygao (>= 1.0)
    sqlite3-ruby (1.3.2)

PLATFORMS
  ruby

DEPENDENCIES
  facets (= 2.8.4)
  rails (= 2.3.14)
  rforce-raygao
  ryandotsmith-asf-soap-adapter (= 1.0.3)
  sqlite3-ruby

BUNDLED WITH
   1.17.3
